GEM
  remote: http://rubygems.org/
  specs:
    json (1.7.3)
    mysql2 (0.3.11-x86-mingw32)
    pg (0.14.0-x86-mingw32)
    rack (1.4.1)
    rack-protection (1.2.0)
      rack
    sinatra (1.3.2)
      rack (~> 1.3, >= 1.3.6)
      rack-protection (~> 1.2)
      tilt (~> 1.3, >= 1.3.3)
    tilt (1.3.3)
    yajl-ruby (0.8.3)

PLATFORMS
  x86-mingw32

DEPENDENCIES
  json
  mysql2
  pg
  sinatra
  yajl-ruby
