GEM
  remote: http://rubygems.org/
  specs:
    carrot (0.8.1)
    cf-autoconfig (0.1.0)
      cf-runtime (= 0.1.1)
    cf-runtime (0.1.1)
    json_pure (1.6.2)
    rack (1.3.5)
    rack-protection (1.1.4)
      rack
    sinatra (1.3.1)
      rack (~> 1.3, >= 1.3.4)
      rack-protection (~> 1.1, >= 1.1.2)
      tilt (~> 1.3, >= 1.3.3)
    tilt (1.3.3)

PLATFORMS
  ruby

DEPENDENCIES
  carrot
  cf-autoconfig
  json_pure
  sinatra
