GEM
  remote: http://rubygems.org/
  specs:
    aws-s3 (0.6.3)
      builder
      mime-types
      xml-simple
    bson (1.2.4)
    builder (3.1.4)
    carrot (1.2.0)
    cf-autoconfig (0.1.0)
      cf-runtime (= 0.1.1)
    cf-runtime (0.1.1)
    json (1.4.6)
    mime-types (1.19)
    mongo (1.2.4)
      bson (>= 1.2.4)
    mysql2 (0.3.2)
    pg (0.11.0)
    rack (1.2.2)
    redis (2.2.0)
    sinatra (1.2.6)
      rack (~> 1.1)
      tilt (>= 1.2.2, < 2.0)
    tilt (1.3)
    xml-simple (1.1.2)

PLATFORMS
  ruby

DEPENDENCIES
  aws-s3
  carrot
  cf-autoconfig
  json
  mongo
  mysql2
  pg
  redis
  sinatra
