GEM
  remote: http://rubygems.org/
  specs:
    sinatra (1.3.1)
      rack (~> 1.3, >= 1.3.4)
      rack-protection (~> 1.1, >= 1.1.2)
      tilt (~> 1.3, >= 1.3.3)

PLATFORMS
  ruby

DEPENDENCIES
  sinatra
