GIT
  remote: git://github.com/cloudfoundry/omniauth-uaa-oauth2.git
  revision: d9f725091eff8e514396df54598a60f49b37dd56
  ref: d9f725091
  specs:
    omniauth-uaa-oauth2 (0.0.1)
      cf-uaa-client
      cf-uaa-client (~> 1.2)
      omniauth (~> 1.0)

GIT
  remote: git://github.com/cloudfoundry/uaa.git
  revision: 5427095904b814605b765f1b78787f51972a10c5
  ref: 1.2.5
  specs:
    cf-uaa-client (1.2.5)
      em-http-request (>= 1.0.0.beta.3)
      eventmachine
      highline
      launchy
      rest-client
      yajl-ruby

GEM
  remote: http://rubygems.org/
  specs:
    addressable (2.3.2)
    daemons (1.1.9)
    em-http-request (1.0.0.beta.3)
      addressable (>= 2.2.3)
      em-socksify
      eventmachine
      http_parser.rb (>= 0.5.1)
    em-socksify (0.1.0)
      eventmachine
    eventmachine (0.12.10)
    hashie (1.2.0)
    highline (1.6.15)
    http_parser.rb (0.5.3)
    launchy (2.1.2)
      addressable (~> 2.3)
    mime-types (1.19)
    omniauth (1.1.1)
      hashie (~> 1.2)
      rack
    rack (1.4.1)
    rack-protection (1.2.0)
      rack
    rest-client (1.6.7)
      mime-types (>= 1.16)
    sinatra (1.3.2)
      rack (~> 1.3, >= 1.3.6)
      rack-protection (~> 1.2)
      tilt (~> 1.3, >= 1.3.3)
    thin (1.3.1)
      daemons (>= 1.0.9)
      eventmachine (>= 0.12.6)
      rack (>= 1.0.0)
    tilt (1.3.3)
    yajl-ruby (1.1.0)

PLATFORMS
  ruby

DEPENDENCIES
  cf-uaa-client!
  omniauth-uaa-oauth2!
  rest-client
  sinatra
  thin
  yajl-ruby
