GEM
  remote: http://rubygems.org/
  specs:
    cf-autoconfig (0.1.0)
      cf-runtime (= 0.1.1)
    cf-runtime (0.1.1)
    daemons (1.1.8)
    eventmachine (0.12.10)
    json_pure (1.6.3)
    rack (1.3.5)
    rack-protection (1.1.4)
      rack
    redis (2.2.2)
    sinatra (1.3.1)
      rack (~> 1.3, >= 1.3.4)
      rack-protection (~> 1.1, >= 1.1.2)
      tilt (~> 1.3, >= 1.3.3)
    thin (1.3.1)
      daemons (>= 1.0.9)
      eventmachine (>= 0.12.6)
      rack (>= 1.0.0)
    tilt (1.3.3)

PLATFORMS
  ruby

DEPENDENCIES
  cf-autoconfig
  json_pure
  redis
  sinatra
  thin
